{
  "AcquisitionDuration": 263.762,
  "AcquisitionMatrixPE": 256,
  "AcquisitionNumber": 1,
  "AcquisitionTime": "16:42:43.935000",
  "BaseResolution": 256,
  "BodyPartExamined": "BRAIN",
  "CoilCombinationMethod": "Adaptive Combine",
  "CoilString": "HeadNeck_64",
  "ConversionSoftware": "dcm2niix",
  "ConversionSoftwareVersion": "v1.0.20220720",
  "DeviceSerialNumber": "167110",
  "DwellTime": 1.15e-05,
  "EchoTime": 0.00252,
  "FlipAngle": 9,
  "HeudiconvVersion": "0.13.1",
  "ImageOrientationPatientDICOM": [-0.0306439, 0.99953, 3.15657e-08, 0.0597762, 0.00183267, -0.99821],
  "ImageType": [
    "ORIGINAL",
    "PRIMARY",
    "M",
    "NONE"
],
  "ImageTypeText": [
    "ORIGINAL",
    "PRIMARY",
    "M",
    "NORM",
    "DIS2D"
],
  "ImagingFrequency": 123.259,
  "InPlanePhaseEncodingDirectionDICOM": "ROW",
  "InstitutionAddress": "Habelschwerdter Allee 45,Berlin,District,DE,14195",
  "InstitutionName": "Freie Universit\u00e4t Berlin",
  "InversionTime": 0.9,
  "MRAcquisitionType": "3D",
  "MTState": false,
  "MagneticFieldStrength": 3,
  "Manufacturer": "Siemens",
  "ManufacturersModelName": "MAGNETOM Prisma Fit",
  "MatrixCoilMode": "GRAPPA",
  "Modality": "MR",
  "NonlinearGradientCorrection": true,
  "ParallelAcquisitionTechnique": "GRAPPA",
  "ParallelReductionFactorInPlane": 2,
  "PartialFourier": 1,
  "PatientPosition": "HFS",
  "PercentPhaseFOV": 100,
  "PercentSampling": 100,
  "PhaseResolution": 1,
  "PixelBandwidth": 170,
  "ProcedureStepDescription": "CCNB Projekte",
  "ProtocolName": "anat_t1w_mprage_sag_p2_1mm",
  "PulseSequenceDetails": "%SiemensSeq%\\tfl",
  "PulseSequenceName": "*tfl3d1rs16ns",
  "ReceiveCoilActiveElements": "HC1-7;NC1",
  "ReceiveCoilName": "HeadNeck_64",
  "ReconMatrixPE": 256,
  "RefLinesPE": 24,
  "RepetitionTime": 1.9,
  "ScanOptions": "IR",
  "ScanningSequence": "GR\\IR",
  "SequenceVariant": "SK\\SP\\MP",
  "SeriesDescription": "anat_t1w_mprage_sag_p2_1mm",
  "SeriesNumber": 2,
  "ShimSetting": [-5769, -4899, -5003, 83, -43, -569, -9, 2],
  "SliceThickness": 1,
  "SoftwareVersions": "syngo MR XA30",
  "StationName": "AWP167110",
  "TxRefAmp": 250.682}