{
  "AcquisitionDuration": 450.902,
  "AcquisitionMatrixPE": 82,
  "AcquisitionNumber": 1,
  "AcquisitionTime": "10:00:1.415000",
  "BandwidthPerPixelPhaseEncode": 18.477,
  "BaseResolution": 82,
  "BodyPartExamined": "BRAIN",
  "CoilCombinationMethod": "Sum of Squares",
  "CoilString": "HeadNeck_64",
  "ConversionSoftware": "dcm2niix",
  "ConversionSoftwareVersion": "v1.0.20220720",
  "DerivedVendorReportedEchoSpacing": 0.000660016,
  "DeviceSerialNumber": "167110",
  "DwellTime": 3.4e-06,
  "EchoTime": 0.033,
  "EchoTrainLength": 82,
  "EffectiveEchoSpacing": 0.000660016,
  "FlipAngle": 70,
  "HeudiconvVersion": "0.13.1",
  "ImageOrientationPatientDICOM": [1, -1.75443e-05, 0.000194214, -2.90782e-08, 0.995931, 0.090117],
  "ImageType": [
    "ORIGINAL",
    "PRIMARY",
    "FMRI",
    "NONE"
],
  "ImageTypeText": [
    "ORIGINAL",
    "PRIMARY",
    "M",
    "NORM",
    "DIS2D"
],
  "ImagingFrequency": 123.259,
  "InPlanePhaseEncodingDirectionDICOM": "COL",
  "InstitutionAddress": "Habelschwerdter Allee 45,Berlin,District,DE,14195",
  "InstitutionName": "Freie Universit\u00e4t Berlin",
  "MRAcquisitionType": "2D",
  "MTState": false,
  "MagneticFieldStrength": 3,
  "Manufacturer": "Siemens",
  "ManufacturersModelName": "MAGNETOM Prisma Fit",
  "Modality": "MR",
  "MultibandAccelerationFactor": 3,
  "NonlinearGradientCorrection": true,
  "ParallelAcquisitionTechnique": "SMS",
  "PartialFourier": 1,
  "PatientPosition": "HFS",
  "PercentPhaseFOV": 100,
  "PercentSampling": 100,
  "PhaseEncodingDirection": "j-",
  "PhaseResolution": 1,
  "PixelBandwidth": 1793,
  "ProcedureStepDescription": "CCNB Projekte",
  "ProtocolName": "ep2d_sms3_2.5x2.5x2.5_TR1000_443_localizer",
  "PulseSequenceDetails": "%SiemensSeq%\\ep2d_bold",
  "PulseSequenceName": "*epfid2d1_82",
  "ReceiveCoilActiveElements": "HC1-6",
  "ReceiveCoilName": "HeadNeck_64",
  "ReconMatrixPE": 82,
  "RefLinesPE": 21,
  "RepetitionTime": 1,
  "ScanOptions": "FS",
  "ScanningSequence": "EP",
  "SequenceVariant": "SK",
  "SeriesDescription": "ep2d_sms3_2.5x2.5x2.5_TR1000_443_localizer",
  "SeriesNumber": 3,
  "ShimSetting": [-5791, -4804, -4935, 397, -101, 68, 157, 23],
  "SliceThickness": 2.5,
  "SliceTiming": [0, 0.53, 0.0775005, 0.605, 0.1525, 0.68, 0.2275, 0.755, 0.3025, 0.83, 0.3775, 0.905, 0.4525, 0, 0.53, 0.0775005, 0.605, 0.1525, 0.68, 0.2275, 0.755, 0.3025, 0.83, 0.3775, 0.905, 0.4525, 0, 0.53, 0.0775005, 0.605, 0.1525, 0.68, 0.2275, 0.755, 0.3025, 0.83, 0.3775, 0.905, 0.4525],
  "SoftwareVersions": "syngo MR XA30",
  "SpacingBetweenSlices": 2.75,
  "StationName": "AWP167110",
  "TaskName": "localizer",
  "TotalReadoutTime": 0.0534613,
  "TxRefAmp": 220.949}